GEM
  remote: https://rubygems.org/
  specs:
    awesome_print (1.6.1)
    coderay (1.1.0)
    highline (1.7.7)
    method_source (0.8.2)
    pry (0.10.2)
      coderay (~> 1.1.0)
      method_source (~> 0.8.1)
      slop (~> 3.4)
    slop (3.6.0)
    terminal-table (1.5.2)

PLATFORMS
  ruby

DEPENDENCIES
  awesome_print
  highline (~> 1.7.6)
  pry
  terminal-table
